GIT
  remote: https://github.com/dvci/health_cards.git
  revision: 6fb7211047447b4431b8e6b4cdce093c84cbb9a4
  specs:
    health_cards (0.0.2)
      fhir_models (>= 4.0.0)
      rqrcode
      rqrcode_core (>= 1.2.0)

GEM
  remote: https://rubygems.org/
  specs:
    bcp47 (0.3.3)
      i18n
    chunky_png (1.4.0)
    concurrent-ruby (1.1.9)
    date_time_precision (0.8.1)
    fhir_models (4.2.0)
      bcp47 (>= 0.3)
      date_time_precision (>= 0.8)
      mime-types (>= 3.0)
      nokogiri (>= 1.11.4)
    i18n (1.8.10)
      concurrent-ruby (~> 1.0)
    mime-types (3.3.1)
      mime-types-data (~> 3.2015)
    mime-types-data (3.2021.0901)
    nokogiri (1.12.4-x86_64-darwin)
      racc (~> 1.4)
    nokogiri (1.12.4-x86_64-linux)
      racc (~> 1.4)
    racc (1.5.2)
    rqrcode (2.1.0)
      chunky_png (~> 1.0)
      rqrcode_core (~> 1.0)
    rqrcode_core (1.2.0)

PLATFORMS
  x86_64-darwin-20
  x86_64-linux

DEPENDENCIES
  health_cards!

BUNDLED WITH
   2.2.20
